GEM
  remote: https://rubygems.org/
  specs:
    ansi (1.5.0)
    builder (3.2.4)
    coderay (1.1.3)
    method_source (1.0.0)
    minitest (5.16.0)
    minitest-reporters (1.5.0)
      ansi
      builder
      minitest (>= 5.0)
      ruby-progressbar
    pretty-diffs (1.0.2)
    pry (0.14.1)
      coderay (~> 1.1)
      method_source (~> 1.0)
    ruby-progressbar (1.11.0)

PLATFORMS
  x86_64-darwin-20

DEPENDENCIES
  minitest-reporters (~> 1.5)
  pretty-diffs (~> 1.0)
  pry (~> 0.14.1)

BUNDLED WITH
   2.3.7
